PATH
  remote: ../whack
  specs:
    whack (0.0.1)
      gosu (~> 1.4, >= 1.4.6)
      zeitwerk

GEM
  remote: https://rubygems.org/
  specs:
    gosu (1.4.6)
    zeitwerk (2.6.12)

PLATFORMS
  arm64-darwin-21
  arm64-darwin-22

DEPENDENCIES
  whack!

RUBY VERSION
   ruby 3.3.0p0

BUNDLED WITH
   2.3.13
