GEM
  remote: https://rubygems.org/
  specs:
    coderay (1.1.3)
    gosu (1.4.6)
    method_source (1.0.0)
    pry (0.14.1)
      coderay (~> 1.1)
      method_source (~> 1.0)
    ruby2d (0.12.1)
    stackprof (0.2.25)

PLATFORMS
  arm64-darwin-21
  arm64-darwin-22

DEPENDENCIES
  gosu
  pry
  ruby2d
  stackprof

RUBY VERSION
   ruby 3.3.0p0

BUNDLED WITH
   2.3.13
